GEM
  remote: https://rubygems.org/
  specs:
    net-scp (1.2.1)
      net-ssh (>= 2.6.5)
    net-ssh (4.2.0)

PLATFORMS
  ruby

DEPENDENCIES
  net-scp (~> 1.2)

BUNDLED WITH
   1.16.1
